FRAMEWORK: NET46
NUGET
  remote: https://www.nuget.org/api/v2
    FSharp.Charting (0.90.14)
    FSharp.Control.AsyncSeq (2.0.12)
    FSharp.Core (4.1.17)
      System.ValueTuple (>= 4.3)
    FSharp.Data (2.3.3)
    FSharpx.Async (1.13.2)
      FSharp.Control.AsyncSeq
      FSharp.Core
    FSharpx.Collections (1.16)
      FSharp.Core
    FSharpx.Extras (2.2.1)
      FSharpx.Async
      FSharpx.Collections
    System.ValueTuple (4.3.1)
